GEM
  remote: https://rubygems.org/
  specs:
    CFPropertyList (2.3.2)
    rake (11.1.2)
    simctl (1.5.0)
      CFPropertyList

PLATFORMS
  ruby

DEPENDENCIES
  rake
  simctl

BUNDLED WITH
   1.12.5
